GEM
  remote: https://rubygems.org/
  specs:
    concurrent-ruby (1.0.5)
    i18n (0.9.3)
      concurrent-ruby (~> 1.0)
    money (6.10.1)
      i18n (>= 0.6.4, < 1.0)
    sqlite3 (1.3.13)

PLATFORMS
  ruby

DEPENDENCIES
  money
  sqlite3

BUNDLED WITH
   1.15.1
